PATH
  remote: .
  specs:
    http2client (0.1.2)
      http-2 (~> 0.9.0)

GEM
  remote: https://rubygems.org/
  specs:
    http-2 (0.9.1)
    rake (10.5.0)

PLATFORMS
  ruby

DEPENDENCIES
  bundler (~> 1.16)
  http2client!
  rake (~> 10.0)

BUNDLED WITH
   1.16.1
